GEM
  remote: https://rubygems.org/
  specs:
    OptionParser (0.5.1)
    ethon (0.11.0)
      ffi (>= 1.3.0)
    ffi (1.9.23)
    mini_portile2 (2.3.0)
    nokogiri (1.8.2)
      mini_portile2 (~> 2.3.0)
    typhoeus (1.3.0)
      ethon (>= 0.9.0)

PLATFORMS
  ruby

DEPENDENCIES
  OptionParser
  nokogiri
  typhoeus

BUNDLED WITH
   1.16.1
